GEM
  remote: http://rubygems.org/
  specs:
    kgio (2.6.0)
    rack (1.3.4)
    raindrops (0.7.0)
    unicorn (4.1.1)
      kgio (~> 2.4)
      rack
      raindrops (~> 0.6)

PLATFORMS
  ruby

DEPENDENCIES
  unicorn
